GIT
  remote: https://github.com/riboseinc/relaton-cli
  revision: adad8d3f7c6158aaff2b3f2d7ec5d0e31f82f771
  specs:
    relaton-cli (0.1.2)
      liquid
      relaton (~> 0.2.4)
      uuidtools

GEM
  remote: https://rubygems.org/
  specs:
    addressable (2.5.2)
      public_suffix (>= 2.0.2, < 4.0)
    algoliasearch (1.23.2)
      httpclient (~> 2.8, >= 2.8.3)
      json (>= 1.5.1)
    cnccs (0.1.3)
    gb-agencies (0.0.3)
    gbbib (0.3.1)
      cnccs (~> 0.1.1)
      gb-agencies (~> 0.0.1)
      iso-bib-item (~> 0.3.0)
    httpclient (2.8.3)
    iecbib (0.1.2)
      addressable
      iso-bib-item (~> 0.3.0)
    ietfbib (0.4.1)
      iso-bib-item (~> 0.3.0)
    iso-bib-item (0.3.1)
      isoics (~> 0.1.6)
      nokogiri (~> 1.8.4)
      ruby_deep_clone (~> 0.8.0)
    isobib (0.3.1)
      algoliasearch
      iso-bib-item (~> 0.3.0)
    isoics (0.1.7)
    json (2.1.0)
    liquid (4.0.0)
    mini_portile2 (2.3.0)
    nokogiri (1.8.4)
      mini_portile2 (~> 2.3.0)
    public_suffix (3.0.3)
    relaton (0.2.4)
      algoliasearch
      gbbib (~> 0.3.1)
      iecbib (~> 0.1.1)
      ietfbib (~> 0.4.1)
      iso-bib-item (~> 0.3.0)
      isobib (~> 0.3.1)
    ruby_deep_clone (0.8.0)
    uuidtools (2.1.5)

PLATFORMS
  ruby

DEPENDENCIES
  relaton-cli!

BUNDLED WITH
   1.16.2
